GEM
  remote: https://rubygems.org/
  specs:
    awesome_print (1.7.0)
    gnucash (1.2.0)
      nokogiri
    mini_portile2 (2.1.0)
    nokogiri (1.7.1)
      mini_portile2 (~> 2.1.0)

PLATFORMS
  ruby

DEPENDENCIES
  awesome_print
  gnucash

BUNDLED WITH
   1.14.6
